GEM
  remote: https://rubygems.org/
  specs:
    eventmachine (1.2.5)
    nats (0.8.2)
      eventmachine (~> 1.2, >= 1.2)

PLATFORMS
  ruby

DEPENDENCIES
  nats (~> 0.8.2)

BUNDLED WITH
   1.16.0.pre.2
